GEM
  remote: https://rubygems.org/
  specs:
    actioncable (6.0.3.5)
      actionpack (= 6.0.3.5)
      nio4r (~> 2.0)
      websocket-driver (>= 0.6.1)
    actionmailbox (6.0.3.5)
      actionpack (= 6.0.3.5)
      activejob (= 6.0.3.5)
      activerecord (= 6.0.3.5)
      activestorage (= 6.0.3.5)
      activesupport (= 6.0.3.5)
      mail (>= 2.7.1)
    actionmailer (6.0.3.5)
      actionpack (= 6.0.3.5)
      actionview (= 6.0.3.5)
      activejob (= 6.0.3.5)
      mail (~> 2.5, >= 2.5.4)
      rails-dom-testing (~> 2.0)
    actionpack (6.0.3.5)
      actionview (= 6.0.3.5)
      activesupport (= 6.0.3.5)
      rack (~> 2.0, >= 2.0.8)
      rack-test (>= 0.6.3)
      rails-dom-testing (~> 2.0)
      rails-html-sanitizer (~> 1.0, >= 1.2.0)
    actiontext (6.0.3.5)
      actionpack (= 6.0.3.5)
      activerecord (= 6.0.3.5)
      activestorage (= 6.0.3.5)
      activesupport (= 6.0.3.5)
      nokogiri (>= 1.8.5)
    actionview (6.0.3.5)
      activesupport (= 6.0.3.5)
      builder (~> 3.1)
      erubi (~> 1.4)
      rails-dom-testing (~> 2.0)
      rails-html-sanitizer (~> 1.1, >= 1.2.0)
    activejob (6.0.3.5)
      activesupport (= 6.0.3.5)
      globalid (>= 0.3.6)
    activemodel (6.0.3.5)
      activesupport (= 6.0.3.5)
    activerecord (6.0.3.5)
      activemodel (= 6.0.3.5)
      activesupport (= 6.0.3.5)
    activestorage (6.0.3.5)
      actionpack (= 6.0.3.5)
      activejob (= 6.0.3.5)
      activerecord (= 6.0.3.5)
      marcel (~> 0.3.1)
    activesupport (6.0.3.5)
      concurrent-ruby (~> 1.0, >= 1.0.2)
      i18n (>= 0.7, < 2)
      minitest (~> 5.1)
      tzinfo (~> 1.1)
      zeitwerk (~> 2.2, >= 2.2.2)
    bcrypt (3.1.16)
    binding_of_caller (1.0.0)
      debug_inspector (>= 0.0.1)
    builder (3.2.4)
    byebug (11.1.3)
    coffee-rails (5.0.0)
      coffee-script (>= 2.2.0)
      railties (>= 5.2.0)
    coffee-script (2.4.1)
      coffee-script-source
      execjs
    coffee-script-source (1.12.2)
    commonjs (0.2.7)
    concurrent-ruby (1.1.8)
    crass (1.0.6)
    debug_inspector (1.0.0)
    devise (4.7.3)
      bcrypt (~> 3.0)
      orm_adapter (~> 0.1)
      railties (>= 4.1.0)
      responders
      warden (~> 1.2.3)
    devise-bootstrap-views (1.1.0)
    domain_name (0.5.20190701)
      unf (>= 0.0.5, < 1.0.0)
    erubi (1.10.0)
    execjs (2.7.0)
    ffi (1.15.0)
    globalid (0.4.2)
      activesupport (>= 4.2.0)
    http-cookie (1.0.3)
      domain_name (~> 0.5)
    i18n (1.8.9)
      concurrent-ruby (~> 1.0)
    jbuilder (2.11.2)
      activesupport (>= 5.0.0)
    jquery-rails (4.4.0)
      rails-dom-testing (>= 1, < 3)
      railties (>= 4.2.0)
      thor (>= 0.14, < 2.0)
    json (2.5.1)
    less (2.6.0)
      commonjs (~> 0.2.7)
    less-rails (5.0.0)
      actionpack (>= 5.0)
      less (~> 2.6.0)
      sprockets (~> 3.0)
    loofah (2.9.0)
      crass (~> 1.0.2)
      nokogiri (>= 1.5.9)
    mail (2.7.1)
      mini_mime (>= 0.1.1)
    marcel (0.3.3)
      mimemagic (~> 0.3.2)
    method_source (1.0.0)
    mime-types (3.3.1)
      mime-types-data (~> 3.2015)
    mime-types-data (3.2021.0225)
    mimemagic (0.3.5)
    mini_mime (1.0.2)
    minitest (5.14.4)
    netrc (0.11.0)
    nio4r (2.5.7)
    nokogiri (1.13.3-x86_64-linux)
      racc (~> 1.4)
    orm_adapter (0.5.0)
    pg (1.2.3)
    racc (1.6.0)
    rack (2.2.3)
    rack-test (1.1.0)
      rack (>= 1.0, < 3)
    rails (6.0.3.5)
      actioncable (= 6.0.3.5)
      actionmailbox (= 6.0.3.5)
      actionmailer (= 6.0.3.5)
      actionpack (= 6.0.3.5)
      actiontext (= 6.0.3.5)
      actionview (= 6.0.3.5)
      activejob (= 6.0.3.5)
      activemodel (= 6.0.3.5)
      activerecord (= 6.0.3.5)
      activestorage (= 6.0.3.5)
      activesupport (= 6.0.3.5)
      bundler (>= 1.3.0)
      railties (= 6.0.3.5)
      sprockets-rails (>= 2.0.0)
    rails-dom-testing (2.0.3)
      activesupport (>= 4.2.0)
      nokogiri (>= 1.6)
    rails-html-sanitizer (1.3.0)
      loofah (~> 2.3)
    rails_12factor (0.0.3)
      rails_serve_static_assets
      rails_stdout_logging
    rails_serve_static_assets (0.0.5)
    rails_stdout_logging (0.0.5)
    railties (6.0.3.5)
      actionpack (= 6.0.3.5)
      activesupport (= 6.0.3.5)
      method_source
      rake (>= 0.8.7)
      thor (>= 0.20.3, < 2.0)
    rake (13.0.3)
    rdoc (6.3.0)
    responders (3.0.1)
      actionpack (>= 5.0)
      railties (>= 5.0)
    rest-client (2.0.2)
      http-cookie (>= 1.0.2, < 2.0)
      mime-types (>= 1.16, < 4.0)
      netrc (~> 0.8)
    sass-rails (6.0.0)
      sassc-rails (~> 2.1, >= 2.1.1)
    sassc (2.4.0)
      ffi (~> 1.9)
    sassc-rails (2.1.2)
      railties (>= 4.0.0)
      sassc (>= 2.0)
      sprockets (> 3.0)
      sprockets-rails
      tilt
    sdoc (2.0.4)
      rdoc (>= 5.0)
    spring (2.1.1)
    sprockets (3.7.2)
      concurrent-ruby (~> 1.0)
      rack (> 1, < 3)
    sprockets-rails (3.2.2)
      actionpack (>= 4.0)
      activesupport (>= 4.0)
      sprockets (>= 3.0.0)
    sqlite3 (1.4.2)
    stock_quote (3.0.0)
      json
      rest-client (~> 2.0.2)
    thor (1.1.0)
    thread_safe (0.3.6)
    tilt (2.0.10)
    turbolinks (5.2.1)
      turbolinks-source (~> 5.2)
    turbolinks-source (5.2.0)
    twitter-bootstrap-rails (3.2.2)
      actionpack (>= 3.1)
      execjs (>= 2.2.2, >= 2.2)
      less-rails (>= 2.5.0)
      railties (>= 3.1)
    tzinfo (1.2.9)
      thread_safe (~> 0.1)
    uglifier (4.2.0)
      execjs (>= 0.3.0, < 3)
    unf (0.1.4)
      unf_ext
    unf_ext (0.0.7.7)
    warden (1.2.9)
      rack (>= 2.0.9)
    web-console (2.3.0)
      activemodel (>= 4.0)
      binding_of_caller (>= 0.7.2)
      railties (>= 4.0)
      sprockets-rails (>= 2.0, < 4.0)
    websocket-driver (0.7.3)
      websocket-extensions (>= 0.1.0)
    websocket-extensions (0.1.5)
    zeitwerk (2.4.2)

PLATFORMS
  x86_64-linux

DEPENDENCIES
  byebug
  coffee-rails
  devise
  devise-bootstrap-views
  jbuilder (~> 2.0)
  jquery-rails
  pg
  rails (~> 6.0.3, >= 6.0.3.5)
  rails_12factor
  sass-rails
  sdoc (~> 2.0, >= 2.0.4)
  spring
  sqlite3
  stock_quote
  turbolinks
  twitter-bootstrap-rails
  uglifier
  web-console

BUNDLED WITH
   2.2.14
